GEM
  remote: https://rubygems.org/
  specs:
    diff-lcs (1.2.5)
    faker (1.1.2)
      i18n (~> 0.5)
    i18n (0.6.9)
    rake (10.1.1)
    rspec (3.0.0)
      rspec-core (~> 3.0.0)
      rspec-expectations (~> 3.0.0)
      rspec-mocks (~> 3.0.0)
    rspec-core (3.0.1)
      rspec-support (~> 3.0.0)
    rspec-expectations (3.0.1)
      diff-lcs (>= 1.2.0, < 2.0)
      rspec-support (~> 3.0.0)
    rspec-mocks (3.0.1)
      rspec-support (~> 3.0.0)
    rspec-support (3.0.0)
    vimrunner (0.3.1)

PLATFORMS
  ruby

DEPENDENCIES
  faker (= 1.1.2)
  rake (= 10.1.1)
  rspec (= 3.0.0)
  vimrunner (= 0.3.1)
